GEM
  remote: https://rubygems.org/
  specs:
    bigdecimal (3.1.9)
    byebug (11.1.3)
    daemons (1.4.1)
    diff-lcs (1.5.1)
    eventmachine (1.2.7)
    ffi (1.17.1-x86_64-linux-gnu)
    html_slice (0.2.1)
    listen (3.9.0)
      rb-fsevent (~> 0.10, >= 0.10.3)
      rb-inotify (~> 0.9, >= 0.9.10)
    rack (2.2.10)
    rb-fsevent (0.11.2)
    rb-inotify (0.11.1)
      ffi (~> 1.0)
    rerun (0.14.0)
      listen (~> 3.0)
    roda (3.88.0)
      rack
    rspec (3.13.0)
      rspec-core (~> 3.13.0)
      rspec-expectations (~> 3.13.0)
      rspec-mocks (~> 3.13.0)
    rspec-core (3.13.2)
      rspec-support (~> 3.13.0)
    rspec-expectations (3.13.3)
      diff-lcs (>= 1.2.0, < 2.0)
      rspec-support (~> 3.13.0)
    rspec-mocks (3.13.2)
      diff-lcs (>= 1.2.0, < 2.0)
      rspec-support (~> 3.13.0)
    rspec-support (3.13.2)
    sequel (5.88.0)
      bigdecimal
    sqlite3 (2.5.0-x86_64-linux-gnu)
    thin (1.8.2)
      daemons (~> 1.0, >= 1.0.9)
      eventmachine (~> 1.0, >= 1.0.4)
      rack (>= 1, < 3)
    zeitwerk (2.6.18)

PLATFORMS
  x86_64-linux

DEPENDENCIES
  byebug
  html_slice
  rerun
  roda
  rspec
  sequel
  sqlite3
  thin (~> 1.8, >= 1.8.2)
  zeitwerk

BUNDLED WITH
   2.4.17
